GEM
  remote: https://rubygems.org/
  specs:
    backports (3.11.0)
    bson (4.2.2)
    codeclimate-test-reporter (1.0.8)
      simplecov (<= 0.13)
    docile (1.1.5)
    json (2.1.0)
    metaclass (0.0.4)
    minitest (5.11.1)
    minitest-rg (5.2.0)
      minitest (~> 5.0)
    mocha (1.3.0)
      metaclass (~> 0.0.1)
    mongo (2.4.3)
      bson (>= 4.2.1, < 5.0.0)
    multi_json (1.12.2)
    mustermann (1.0.1)
    rack (2.0.3)
    rack-contrib (2.0.1)
      rack (~> 2.0)
    rack-protection (2.0.0)
      rack
    rack-test (0.8.2)
      rack (>= 1.0, < 3)
    rake (12.3.0)
    simplecov (0.13.0)
      docile (~> 1.1.0)
      json (>= 1.8, < 3)
      simplecov-html (~> 0.10.0)
    simplecov-html (0.10.2)
    sinatra (2.0.0)
      mustermann (~> 1.0)
      rack (~> 2.0)
      rack-protection (= 2.0.0)
      tilt (~> 2.0)
    sinatra-contrib (2.0.0)
      backports (>= 2.0)
      multi_json
      mustermann (~> 1.0)
      rack-protection (= 2.0.0)
      sinatra (= 2.0.0)
      tilt (>= 1.3, < 3)
    sinatra-cors (1.1.0)
    tilt (2.0.8)

PLATFORMS
  ruby

DEPENDENCIES
  bson
  codeclimate-test-reporter
  minitest
  minitest-rg
  mocha
  mongo
  multi_json
  rack
  rack-contrib
  rack-test
  rake
  sinatra
  sinatra-contrib
  sinatra-cors

RUBY VERSION
   ruby 2.4.1p111

BUNDLED WITH
   1.16.0
